PATH
  remote: /home/meh/projects/opal/lissio
  specs:
    lissio (0.1.0)
      opal (>= 0.7.0)
      opal-browser (>= 0.2.0)
      opal-sprockets
      rack
      thor
      uglifier

PATH
  remote: /home/meh/projects/ruby/paggio
  specs:
    paggio (0.2.6)

GEM
  remote: http://rubygems.org/
  specs:
    concurrent-ruby (1.0.5)
    execjs (2.7.0)
    hike (1.2.3)
    opal (0.10.3)
      hike (~> 1.2)
      sourcemap (~> 0.1.0)
      sprockets (~> 3.1)
      tilt (>= 1.4)
    opal-browser (0.2.0)
      opal
      paggio
    opal-sprockets (0.4.0.0.10.0.3.0.0)
      opal (~> 0.10.0)
      sprockets (~> 3.0)
      tilt (>= 1.4)
    rack (2.0.1)
    sourcemap (0.1.1)
    sprockets (3.7.1)
      concurrent-ruby (~> 1.0)
      rack (> 1, < 3)
    thor (0.19.4)
    tilt (2.0.7)
    uglifier (3.2.0)
      execjs (>= 0.3.0, < 3)

PLATFORMS
  ruby

DEPENDENCIES
  lissio!
  opal
  opal-browser
  opal-sprockets
  paggio!

BUNDLED WITH
   1.14.3
